PATH
  remote: .
  specs:
    sync_songs (0.0.0)
      grooveshark (>= 0.2.7)
      highline
      lastfm (>= 1.15.1)
      launchy (>= 2.2.0)
      thor (>= 0.17.0)

GEM
  remote: http://rubygems.org/
  specs:
    activesupport (3.2.11)
      i18n (~> 0.6)
      multi_json (~> 1.0)
    addressable (2.3.2)
    grooveshark (0.2.7)
      json (>= 1.4.6)
      rest-client (>= 1.5.1)
      uuid (~> 2.0)
    highline (1.6.15)
    httparty (0.10.2)
      multi_json (~> 1.0)
      multi_xml (>= 0.5.2)
    i18n (0.6.1)
    json (1.7.6)
    lastfm (1.15.1)
      activesupport (>= 3.0.3)
      httparty
      xml-simple
    launchy (2.2.0)
      addressable (~> 2.3)
    macaddr (1.6.1)
      systemu (~> 2.5.0)
    mime-types (1.20.1)
    multi_json (1.5.0)
    multi_xml (0.5.2)
    rest-client (1.6.7)
      mime-types (>= 1.16)
    systemu (2.5.2)
    thor (0.17.0)
    uuid (2.3.6)
      macaddr (~> 1.0)
    xml-simple (1.1.2)

PLATFORMS
  ruby

DEPENDENCIES
  sync_songs!
